RESTRICTION: == net9.0
NUGET
  remote: https://api.nuget.org/v3/index.json
    Microsoft.Extensions.Configuration (9.0.5)
      Microsoft.Extensions.Configuration.Abstractions (>= 9.0.5)
      Microsoft.Extensions.Primitives (>= 9.0.5)
    Microsoft.Extensions.Configuration.Abstractions (9.0.5)
      Microsoft.Extensions.Primitives (>= 9.0.5)
    Microsoft.Extensions.Configuration.Binder (9.0.5)
      Microsoft.Extensions.Configuration.Abstractions (>= 9.0.5)
    Microsoft.Extensions.DependencyInjection (9.0.5)
      Microsoft.Extensions.DependencyInjection.Abstractions (>= 9.0.5)
    Microsoft.Extensions.DependencyInjection.Abstractions (9.0.5)
    Microsoft.Extensions.Logging (9.0.5)
      Microsoft.Extensions.DependencyInjection (>= 9.0.5)
      Microsoft.Extensions.Logging.Abstractions (>= 9.0.5)
      Microsoft.Extensions.Options (>= 9.0.5)
    Microsoft.Extensions.Logging.Abstractions (9.0.5)
      Microsoft.Extensions.DependencyInjection.Abstractions (>= 9.0.5)
    Microsoft.Extensions.Logging.Configuration (9.0.5)
      Microsoft.Extensions.Configuration (>= 9.0.5)
      Microsoft.Extensions.Configuration.Abstractions (>= 9.0.5)
      Microsoft.Extensions.Configuration.Binder (>= 9.0.5)
      Microsoft.Extensions.DependencyInjection.Abstractions (>= 9.0.5)
      Microsoft.Extensions.Logging (>= 9.0.5)
      Microsoft.Extensions.Logging.Abstractions (>= 9.0.5)
      Microsoft.Extensions.Options (>= 9.0.5)
      Microsoft.Extensions.Options.ConfigurationExtensions (>= 9.0.5)
    Microsoft.Extensions.Logging.Console (9.0.4)
      Microsoft.Extensions.DependencyInjection.Abstractions (>= 9.0.4)
      Microsoft.Extensions.Logging (>= 9.0.4)
      Microsoft.Extensions.Logging.Abstractions (>= 9.0.4)
      Microsoft.Extensions.Logging.Configuration (>= 9.0.4)
      Microsoft.Extensions.Options (>= 9.0.4)
    Microsoft.Extensions.Options (9.0.5)
      Microsoft.Extensions.DependencyInjection.Abstractions (>= 9.0.5)
      Microsoft.Extensions.Primitives (>= 9.0.5)
    Microsoft.Extensions.Options.ConfigurationExtensions (9.0.5)
      Microsoft.Extensions.Configuration.Abstractions (>= 9.0.5)
      Microsoft.Extensions.Configuration.Binder (>= 9.0.5)
      Microsoft.Extensions.DependencyInjection.Abstractions (>= 9.0.5)
      Microsoft.Extensions.Options (>= 9.0.5)
      Microsoft.Extensions.Primitives (>= 9.0.5)
    Microsoft.Extensions.Primitives (9.0.5)
    Microsoft.Win32.Registry (5.0)
      System.Security.AccessControl (>= 5.0)
      System.Security.Principal.Windows (>= 5.0)
    protobuf-net (3.2.52)
      protobuf-net.Core (>= 3.2.52)
    protobuf-net.Core (3.2.52)
    Scriban (6.2.1)
    SteamKit2 (3.1)
      Microsoft.Win32.Registry (>= 5.0)
      protobuf-net (>= 3.2.52)
      System.IO.Hashing (>= 9.0.4)
    System.CommandLine (2.0.0-beta4.22272.1)
    System.IO.Hashing (9.0.5)
    System.Security.AccessControl (6.0.1)
    System.Security.Principal.Windows (5.0)
